GEM
  remote: https://rubygems.org/
  specs:
    addressable (2.5.2)
      public_suffix (>= 2.0.2, < 4.0)
    ansi (1.5.0)
    ast (2.4.0)
    axiom-types (0.1.1)
      descendants_tracker (~> 0.0.4)
      ice_nine (~> 0.11.0)
      thread_safe (~> 0.3, >= 0.3.1)
    bcrypt (3.1.12)
    builder (3.2.3)
    capybara (3.3.1)
      addressable
      mini_mime (>= 0.1.3)
      nokogiri (~> 1.8)
      rack (>= 1.6.0)
      rack-test (>= 0.6.3)
      xpath (~> 3.1)
    capybara-webkit (1.15.0)
      capybara (>= 2.3, < 4.0)
      json
    childprocess (0.9.0)
      ffi (~> 1.0, >= 1.0.11)
    codeclimate-engine-rb (0.4.1)
      virtus (~> 1.0)
    coderay (1.1.2)
    coercible (1.0.0)
      descendants_tracker (~> 0.0.1)
    concurrent-ruby (1.0.5)
    descendants_tracker (0.0.4)
      thread_safe (~> 0.3, >= 0.3.1)
    docile (1.3.1)
    dry-configurable (0.7.0)
      concurrent-ruby (~> 1.0)
    dry-container (0.6.0)
      concurrent-ruby (~> 1.0)
      dry-configurable (~> 0.1, >= 0.1.3)
    dry-core (0.4.7)
      concurrent-ruby (~> 1.0)
    dry-equalizer (0.2.1)
    dry-inflector (0.1.2)
    dry-logic (0.4.2)
      dry-container (~> 0.2, >= 0.2.6)
      dry-core (~> 0.2)
      dry-equalizer (~> 0.2)
    dry-types (0.13.2)
      concurrent-ruby (~> 1.0)
      dry-container (~> 0.3)
      dry-core (~> 0.4, >= 0.4.4)
      dry-equalizer (~> 0.2)
      dry-inflector (~> 0.1, >= 0.1.2)
      dry-logic (~> 0.4, >= 0.4.2)
    dry-validation (0.12.0)
      concurrent-ruby (~> 1.0)
      dry-configurable (~> 0.1, >= 0.1.3)
      dry-core (~> 0.2, >= 0.2.1)
      dry-equalizer (~> 0.2)
      dry-logic (~> 0.4, >= 0.4.0)
      dry-types (~> 0.13.1)
    equalizer (0.0.11)
    erubi (1.7.1)
    ffi (1.9.25)
    fixture_dependencies (1.10.0)
    hirb (0.7.3)
    ice_nine (0.11.2)
    jaro_winkler (1.5.1-x86_64-darwin-17)
    json (2.1.0)
    kwalify (0.7.2)
    method_source (0.9.0)
    mini_mime (1.0.0)
    mini_portile2 (2.3.0)
    minitest (5.11.3)
    minitest-hooks (1.5.0)
      minitest (> 5.3)
    minitest-reporters (1.3.0)
      ansi
      builder
      minitest (>= 5.0)
      ruby-progressbar
    nokogiri (1.8.4)
      mini_portile2 (~> 2.3.0)
    parallel (1.12.1)
    parser (2.5.1.0)
      ast (~> 2.4.0)
    pg (1.0.0)
    powerpack (0.1.2)
    pry (0.11.3)
      coderay (~> 1.1.0)
      method_source (~> 0.9.0)
    pry-doc (0.13.4)
      pry (~> 0.11)
      yard (~> 0.9.11)
    public_suffix (3.0.2)
    puma (3.11.4)
    rack (2.0.5)
    rack-test (1.0.0)
      rack (>= 1.0, < 3)
    rack-unreloader (1.6.0)
    rack_csrf (2.6.0)
      rack (>= 1.1.0)
    rainbow (3.0.0)
    rb-fsevent (0.10.3)
    rb-inotify (0.9.10)
      ffi (>= 0.5.0, < 2)
    reek (5.0.1)
      codeclimate-engine-rb (~> 0.4.0)
      kwalify (~> 0.7.0)
      parser (>= 2.5.0.0, < 2.6)
      rainbow (>= 2.0, < 4.0)
    roda (3.9.0)
      rack
    rodauth (1.17.0)
      roda (>= 2.6.0)
      sequel (>= 4)
    rubocop (0.57.2)
      jaro_winkler (~> 1.5.1)
      parallel (~> 1.10)
      parser (>= 2.5)
      powerpack (~> 0.1)
      rainbow (>= 2.2.2, < 4.0)
      ruby-progressbar (~> 1.7)
      unicode-display_width (~> 1.0, >= 1.0.1)
    ruby-progressbar (1.9.0)
    rubyzip (1.2.1)
    sass (3.5.6)
      sass-listen (~> 4.0.0)
    sass-listen (4.0.0)
      rb-fsevent (~> 0.9, >= 0.9.4)
      rb-inotify (~> 0.9, >= 0.9.7)
    selenium-webdriver (3.13.0)
      childprocess (~> 0.5)
      rubyzip (~> 1.2)
    sequel (5.10.0)
    sequel_pg (1.10.0)
      pg (>= 0.18.0)
      sequel (>= 4.38.0)
    simplecov (0.16.1)
      docile (~> 1.1)
      json (>= 1.8, < 3)
      simplecov-html (~> 0.10.0)
    simplecov-console (0.4.2)
      ansi
      hirb
      simplecov
    simplecov-html (0.10.2)
    thread_safe (0.3.6)
    tilt (2.0.8)
    timecop (0.9.1)
    unicode-display_width (1.4.0)
    virtus (1.0.5)
      axiom-types (~> 0.1)
      coercible (~> 1.0)
      descendants_tracker (~> 0.0, >= 0.0.3)
      equalizer (~> 0.0, >= 0.0.9)
    xpath (3.1.0)
      nokogiri (~> 1.8)
    yard (0.9.14)

PLATFORMS
  ruby

DEPENDENCIES
  bcrypt
  capybara
  capybara-webkit
  dry-validation
  erubi
  fixture_dependencies
  minitest
  minitest-hooks
  minitest-reporters
  pry
  pry-doc
  puma
  rack-unreloader
  rack_csrf
  reek
  roda
  rodauth
  rubocop
  sass
  selenium-webdriver
  sequel
  sequel_pg
  simplecov
  simplecov-console
  tilt
  timecop

BUNDLED WITH
   1.16.2
